GEM
  remote: https://rubygems.org/
  specs:
    dotenv (3.1.4)
    google_search_results (2.2.0)

PLATFORMS
  ruby
  x86_64-darwin-23

DEPENDENCIES
  dotenv
  google_search_results

BUNDLED WITH
   2.5.10
